GEM
  remote: https://rubygems.org/
  specs:
    cuba (3.1.1)
      rack
    cuba-contrib (3.1.0)
      cuba (~> 3.1)
    mote (1.1.2)
    rack (1.5.2)

PLATFORMS
  ruby

DEPENDENCIES
  cuba
  cuba-contrib
  mote
  rack
